GEM
  remote: http://rubygems.org/
  specs:
    daemons (1.1.9)
    eventmachine (1.0.0)
    mime-types (1.19)
    rack (1.4.1)
    rest-client (1.6.7)
      mime-types (>= 1.16)
    saasposesdk (0.0.3)
    sinatra (1.1.0)
      rack (~> 1.1)
      tilt (~> 1.1)
    thin (1.4.1)
      daemons (>= 1.0.9)
      eventmachine (>= 0.12.6)
      rack (>= 1.0.0)
    tilt (1.3.3)

PLATFORMS
  ruby

DEPENDENCIES
  mime-types
  rest-client
  saasposesdk
  sinatra (= 1.1.0)
  thin
